NUGET
  remote: https://nuget.org/api/v2
  specs:
    FAKE (4.50.0)
    FSharp.Core (4.0)
    FsPickler (3.2.0)
    Suave (2.0.4)
      FSharp.Core (>= 4.0)
      FsPickler (>= 3.2.0)
